GIT
  remote: https://github.com/rtweeks/fair-cg.git
  revision: efdcfe6f6a973a1b0a063542f1ac654f40856abc
  branch: master
  specs:
    fair_cg (1.0.0)

GEM
  remote: https://rubygems.org/
  specs:
    coderay (1.1.3)
    method_source (1.0.0)
    pry (0.14.1)
      coderay (~> 1.1)
      method_source (~> 1.0)

PLATFORMS
  ruby

DEPENDENCIES
  fair_cg!
  pry

BUNDLED WITH
   1.17.3
